GEM
  remote: https://rubygems.org/
  specs:
    ffi (1.9.10)
    rpm (0.0.4)
      ffi

PLATFORMS
  ruby

DEPENDENCIES
  rpm
